PATH
  remote: .
  specs:
    tool_tailor (0.2.1)
      yard (~> 0.9.36)

GEM
  remote: https://rubygems.org/
  specs:
    attr_extras (7.1.0)
    diff-lcs (1.5.1)
    optimist (3.1.0)
    patience_diff (1.2.0)
      optimist (~> 3.0)
    rake (12.3.3)
    rspec (3.13.0)
      rspec-core (~> 3.13.0)
      rspec-expectations (~> 3.13.0)
      rspec-mocks (~> 3.13.0)
    rspec-core (3.13.0)
      rspec-support (~> 3.13.0)
    rspec-expectations (3.13.0)
      diff-lcs (>= 1.2.0, < 2.0)
      rspec-support (~> 3.13.0)
    rspec-mocks (3.13.1)
      diff-lcs (>= 1.2.0, < 2.0)
      rspec-support (~> 3.13.0)
    rspec-support (3.13.1)
    super_diff (0.9.0)
      attr_extras (>= 6.2.4)
      diff-lcs
      patience_diff
    yard (0.9.37)

PLATFORMS
  x86_64-darwin-21
  x86_64-darwin-22

DEPENDENCIES
  rake (~> 12.0)
  rspec (~> 3.0)
  super_diff (~> 0.9.0)
  tool_tailor!

BUNDLED WITH
   2.3.17
